GEM
  remote: https://rubygems.org/
  specs:
    minitest (5.14.4)
    ruby2d (0.11.0)

PLATFORMS
  universal-darwin-20

DEPENDENCIES
  minitest
  ruby2d

BUNDLED WITH
   2.2.27
